GEM
  remote: http://rubygems.org/
  specs:
    rack (1.6.9)
    rack-protection (1.5.5)
      rack
    sinatra (1.4.6)
      rack (~> 1.4)
      rack-protection (~> 1.4)
      tilt (>= 1.3, < 3)
    tilt (1.3.7)

PLATFORMS
  ruby

DEPENDENCIES
  sinatra

BUNDLED WITH
   1.10.6
